##TITLE= Parameter file, TOPSPIN		Version 2.1
##JCAMPDX= 5.0
##DATATYPE= Parameter Values
##NPOINTS= 3	$$ modification sequence number
##ORIGIN= Bruker BioSpin GmbH
##OWNER= Yang
$$ 2020-09-11 17:03:13.214 -0400  Yang@BH029403
$$ /opt/topspin/data/Yang/nmr/11Sep2020_CA_fl_13C_Thr_500uM/1/pdata/999/procs
$$ process /opt/topspin/prog/mod/proc1d
##$ABSF1= 0
##$ABSF2= 0
##$ABSG= 0
##$ABSL= 0
##$ALPHA= 0
##$AQORDER= 0
##$ASSFAC= 0
##$ASSFACI= 0
##$ASSFACX= 0
##$ASSWID= 0
##$AUNMP= <proc_1d>
##$AXLEFT= 0
##$AXNAME= <F2>
##$AXNUC= <1H>
##$AXRIGHT= 0
##$AXTYPE= 0
##$AXUNIT= <>
##$AZFE= 0.1
##$AZFW= 0.1
##$BCFW= 0
##$BC_mod= 0
##$BYTORDP= 0
##$COROFFS= 0
##$CY= 15
##$DATMOD= 1
##$DC= 0
##$DFILT= <>
##$DTYPP= 0
##$F1P= 13.7156601169294
##$F2P= -4.24119176219556
##$FCOR= 0.5
##$FTSIZE= 1024
##$FT_mod= 6
##$GAMMA= 0
##$GB= 0
##$INTBC= 1
##$INTSCL= 2.311126e-07
##$ISEN= 128
##$LB= 0
##$LEV0= 0
##$LPBIN= 0
##$MAXI= 1500
##$MC2= 0
##$MEAN= 0
##$ME_mod= 0
##$MI= 200
##$NCOEF= 0
##$NC_proc= -11
##$NLEV= 6
##$NOISF1= -0.1601336
##$NOISF2= -0.7472901
##$NSP= 0
##$NTH_PI= 0
##$NZP= 0
##$OFFSET= 11.36207
##$PC= 1
##$PHC0= 0
##$PHC1= 0
##$PH_mod= 1
##$PKNL= yes
##$PPARMOD= 0
##$PPDIAG= 0
##$PPIPTYP= 0
##$PPMPNUM= 100
##$PPRESOL= 1
##$PSCAL= 0
##$PSIGN= 0
##$PYNMP= <proc.py>
##$REVERSE= no
##$SF= 700.11
##$SI= 1024
##$SIGF1= 0
##$SIGF2= 0
##$SINO= 16.35058
##$SIOLD= 2048
##$SPECTYP= <>
##$SREGLST= <1H.CDCl3>
##$SSB= 2
##$STSI= 1024
##$STSR= 0
##$SW_p= 9328.35820895524
##$SYMM= 0
##$S_DEV= 270962
##$TDeff= 1024
##$TDoff= 0
##$TI= <>
##$TILT= no
##$TM1= 0
##$TM2= 0
##$TOPLEV= 0
##$USERP1= <user>
##$USERP2= <user>
##$USERP3= <user>
##$USERP4= <user>
##$USERP5= <user>
##$WDW= 3
##$XDIM= 1024
##$YMAX_p= 479412020
##$YMIN_p= -81607634
##END=
