##TITLE= Parameter file, TOPSPIN		Version 3.1
##JCAMPDX= 5.0
##DATATYPE= Parameter Values
##NPOINTS= 31392	$$ modification sequence number
##ORIGIN= Bruker BioSpin GmbH
##OWNER= nmrsu
$$ 2020-03-06 13:57:31.963 -0500  Yang@bh029203.structbio.pitt.edu
$$ /opt/topspin3.1/conf/instr/spect/specpar
$$ process /opt/topspin3.1/prog/mod/cprserver
##$HPPRECH= (0..15)
-1 -1 -1 -1 4 -1 -1 -1 -1 -1 -1 -1 -1 -1 -1 -1
##$NUC1= 1
##$NUC2= 10
##$NUC3= 12
##$NUC4= 0
##$NUC5= 0
##$NUC6= 0
##$NUC7= 0
##$NUC8= 0
##$NUCARR= (0..123)
900.22 900.22 138.189251 960.210427 685.782528 132.477149 349.859673 126.497231
96.716558 288.826351 226.360499 65.030858 91.2185 122.037937 847.053106
71.066031 238.125294 55.108183 234.569056 178.848391 364.415736 69.100887
88.202736 73.419468 42.007623 23.05738 60.585067 218.679165 50.750209 50.763739
89.754716 236.784398 50.884899 223.157498 29.147125 213.595866 80.444118
238.697591 255.695725 56.324992 216.064989 274.537429 31.402509 154.141196
171.685574 46.970977 225.540939 243.118076 34.636865 86.915728 294.556071
39.013932 44.112562 83.687134 220.339378 58.666671 59.897893 202.624452
41.45649 46.463676 28.685033 41.194967 36.439276 41.892035 190.985994 199.7874
196.8399 197.261869 294.540722 320.768722 335.697727 215.42784 116.661463
235.585251 284.01733 180.11139 250.352856 74.213426 118.074134 89.431969
100.0408 118.777727 127.161845 275.647364 49.06199 30.247392 37.539174
30.967568 223.794692 98.844156 27.636754 36.278866 216.412888 30.967568
43.390604 192.106948 25.926336 74.628238 157.532252 43.399606 102.661089
73.196888 36.071815 22.658537 107.932777 37.506649 202.770954 204.814454
20.546 69.905684 15.46578 16.843116 193.518349 15.564804 161.236802 59.518792
514.234471 519.281446 188.331416 144.658944 16.576651 100 100 100
##$OFFSF= (0..7)
0 0 0 0 0 0 0 0
##$OFFSH= (0..7)
4231.89999992246 4237.50000004475 0 0 0 0 0 0
##$OFFSX= (0..7)
9144.99999998952 10900.9999999898 656.099999986282 0 0 0 0 0
##$PRECHAN= (0..15)
-1 3 0 2 -1 -1 -1 -1 -1 -1 -1 -1 -1 -1 -1 -1
##$RECPRE= (0..15)
-1 0 -1 -1 -1 -1 -1 -1 -1 -1 -1 -1 -1 -1 -1 -1
##$RECSEL= (0..15)
0 0 0 0 0 1 0 0 0 0 0 0 0 0 0 0
##$SELREC= (0..9)
0 0 0 0 0 0 0 0 0 0
##$SFO1= 900.22
##$SFO2= 226.360499
##$SFO3= 91.2185
##$SFO4= 900.22
##$SFO5= 900.22
##$SFO6= 900.22
##$SFO7= 900.22
##$SFO8= 900.22
##END=
