##TITLE= Parameter file, TopSpin 3.5 pl 7
##JCAMPDX= 5.0
##DATATYPE= Parameter Values
##NPOINTS= 48	$$ modification sequence number
##ORIGIN= Bruker BioSpin GmbH
##OWNER= Yang
$$ 2020-10-19 12:47:09.575 -0400  Yang@2ua5461vxm.structbio.pitt.edu
$$ /opt/topspin3.5pl7/data/Yang/nmr/18Oct2020_CA_13C_ala_20.2uM_sfhmqc/1/acqu2s
$$ process /opt/topspin3.5pl7/prog/mod/go4
##$ACQT0= 0
##$BF1= 150.927953546
##$FnMODE= 5
##$NUC1= <13C>
##$NusJSP= 0
##$NusT2= 1
##$NusTD= 80
##$O1= 2887.85546314916
##$ProjAngle= 0
##$SFO1= 150.930841401463
##$SW= 9.99932249464352
##$SW_h= 1509.20615756112
##$TD= 46
##END=
