##TITLE= Parameter file, TOPSPIN		Version 2.1
##JCAMPDX= 5.0
##DATATYPE= Parameter Values
##NPOINTS= 34	$$ modification sequence number
##ORIGIN= Bruker BioSpin GmbH
##OWNER= Yang
$$ 2020-09-11 17:10:13.346 -0400  Yang@BH029403
$$ /opt/topspin/data/Yang/nmr/11Sep2020_CA_fl_13C_Thr_500uM/99999/pdata/1/procs
$$ process /opt/topspin/prog/mod/peak
##$ABSF1= 0
##$ABSF2= 0
##$ABSG= 0
##$ABSL= 0
##$ALPHA= 0
##$AQORDER= 0
##$ASSFAC= 0
##$ASSFACI= 0
##$ASSFACX= 0
##$ASSWID= 0
##$AUNMP= <proc_1d>
##$AXLEFT= 0
##$AXNAME= <>
##$AXNUC= <1H>
##$AXRIGHT= 0
##$AXTYPE= 0
##$AXUNIT= <>
##$AZFE= 0.1
##$AZFW= 0.1
##$BCFW= 0.1142678
##$BC_mod= 6
##$BYTORDP= 0
##$COROFFS= 0
##$CY= 15
##$DATMOD= 1
##$DC= 0
##$DFILT= <>
##$DTYPP= 0
##$F1P= 13.7156601169294
##$F2P= -4.24119176219556
##$FCOR= 0.5
##$FTSIZE= 16384
##$FT_mod= 6
##$GAMMA= 0
##$GB= 0.1
##$INTBC= 1
##$INTSCL= 2.311126e-07
##$ISEN= 128
##$LB= -10
##$LEV0= 0
##$LPBIN= 0
##$MAXI= 110
##$MC2= 0
##$MEAN= 0
##$ME_mod= 0
##$MI= 25
##$NCOEF= 0
##$NC_proc= -13
##$NLEV= 6
##$NOISF1= -0.1601336
##$NOISF2= -0.7472901
##$NSP= 0
##$NTH_PI= 0
##$NZP= 0
##$OFFSET= 3.570851
##$PC= 1
##$PHC0= 0
##$PHC1= 0
##$PH_mod= 2
##$PKNL= yes
##$PPARMOD= 0
##$PPDIAG= 0
##$PPIPTYP= 0
##$PPMPNUM= 100
##$PPRESOL= 1
##$PSCAL= 0
##$PSIGN= 0
##$PYNMP= <proc.py>
##$REVERSE= no
##$SF= 700.11329611792
##$SI= 16384
##$SIGF1= 0
##$SIGF2= 0
##$SINO= 16.35058
##$SIOLD= 2048
##$SPECTYP= <>
##$SREGLST= <1H.CDCl3>
##$SSB= 0
##$STSI= 16384
##$STSR= 0
##$SW_p= 5000
##$SYMM= 0
##$S_DEV= 270962
##$TDeff= 4096
##$TDoff= 0
##$TI= <>
##$TILT= no
##$TM1= 0
##$TM2= 0
##$TOPLEV= 0
##$USERP1= <user>
##$USERP2= <user>
##$USERP3= <user>
##$USERP4= <user>
##$USERP5= <user>
##$WDW= 2
##$XDIM= 1024
##$YMAX_p= 425842690
##$YMIN_p= 0
##END=
