##TITLE= Parameter file, TOPSPIN		Version 3.2
##JCAMPDX= 5.0
##DATATYPE= Parameter Values
##NPOINTS= 33	$$ modification sequence number
##ORIGIN= Bruker BioSpin GmbH
##OWNER= fatema
$$ 2023-01-20 22:42:38.727 -0500  fatema@bh029603
$$ /opt/topspin/data/fatema/DTY-CaCTD-7F-EXSY-20Jan2023/1/acqu2s
$$ process /opt/topspin3.2/prog/mod/go
##$ACQT0= 0
##$BF1= 564.686388
##$FnMODE= 5
##$NUC1= <19F>
##$NusJSP= 0
##$NusT2= 1
##$NusTD= 32
##$O1= -75594.5667615379
##$SFO1= 564.610793433238
##$SW= 3.99984545665534
##$SW_h= 2258.3559168925
##$TD= 32
##END=
