##TITLE= Parameter file, TOPSPIN		Version 3.2
##JCAMPDX= 5.0
##DATATYPE= Parameter Values
##NPOINTS= 19514	$$ modification sequence number
##ORIGIN= Bruker BioSpin GmbH
##OWNER= nmrsu
$$ 2022-11-17 16:46:19.618 -0500  nmrsu@nmr800.structbio.pitt.edu
$$ /opt/topspin3.2/conf/instr/spect/specpar
$$ process /opt/topspin3.2/prog/mod/cprserver
##$HPPRECH= (0..15)
-1 -1 -1 -1 -1 -1 -1 -1 -1 -1 -1 -1 -1 -1 -1 -1
##$NUC1= 1
##$NUC2= 0
##$NUC3= 0
##$NUC4= 0
##$NUC5= 0
##$NUC6= 0
##$NUC7= 0
##$NUC8= 0
##$NUCARR= (0..123)
800.3 800.3 122.850922707 853.631783922 609.664034311 117.772836258 311.026967391
112.456659439 85.981494974 256.768043922 201.23559506 57.812751655 81.093694736
108.492325371 753.034370033 63.178050888 211.6945557 48.991444905 208.533042577
158.997097561 323.967378226 61.431028 78.412665727 65.270267175 37.344983119
20.498123915 53.860422087 194.406851241 45.117184602 45.129213111 79.792382927
210.502492844 45.236925488 198.388111654 25.911937334 189.887773222 71.515216153
212.203330419 227.314755079 50.073194409 192.082836062 244.065122112 27.916984945
137.032279842 152.629318539 41.757429166 200.50700194 216.133163554 30.7923428
77.268508829 261.861793362 34.683577466 39.216284594 74.398272894 195.88278851
52.154958778 53.249521085 180.134132978 36.855023453 41.306436107 25.501135341
36.6225283 32.394695457 37.242224599 169.78748644 177.611979525 174.991637265
175.366769887 261.848148247 285.164968777 298.436927896 191.516407731 103.712613651
209.436445226 252.492801307 160.119910458 222.564918558 65.976099763 104.968484426
79.505459371 88.936762784 105.5939829 113.047504923 245.05186 43.61635
26.89008 33.37251 27.53032 198.95458 87.87294 24.56921 32.25209 192.39212
27.53032 38.57446 170.78402 23.04864 66.34487 140.046945918 38.582463 91.266212
65.072393 32.068021 20.143551 95.9527688 33.343595161 180.2643738 182.0810548
18.265494993 62.1464962 13.749154 14.973613 172.038762352 13.837187 143.340308466
52.912498749 457.1569696 461.643755514 167.427553797 128.602511864 14.7367242
100 100 100
##$OFFSF= (0..7)
-91870.2000000167 0 0 0 0 0 0 0
##$OFFSH= (0..7)
3754.60000009298 3767.00000003893 0 0 0 0 0 0
##$OFFSX= (0..7)
9325.90000002165 9447.39999999911 583.300000002396 0 0 0 0 0
##$PRECHAN= (0..15)
-1 6 0 -1 -1 -1 7 -1 2 -1 -1 -1 -1 -1 -1 -1
##$RECPRE= (0..15)
-1 0 -1 -1 -1 -1 -1 -1 -1 -1 -1 -1 -1 -1 -1 -1
##$RECPRFX= (0..15)
1 0 0 0 0 0 0 0 0 0 0 0 0 0 0 0
##$RECSEL= (0..15)
0 0 0 0 0 1 0 0 0 0 0 0 0 0 0 0
##$SELREC= (0..9)
0 0 0 0 0 0 0 0 0 0
##$SFO1= 800.303755
##$SFO2= 800.303755
##$SFO3= 800.303755
##$SFO4= 800.303755
##$SFO5= 800.303755
##$SFO6= 800.303755
##$SFO7= 800.303755
##$SFO8= 800.303755
##END=
