##TITLE= Parameter file, TopSpin 3.5 pl 7
##JCAMPDX= 5.0
##DATATYPE= Parameter Values
##NPOINTS= 1	$$ modification sequence number
##ORIGIN= Bruker BioSpin GmbH
##OWNER= Yang
$$ 2020-08-21 14:05:22.079 -0400  Yang@2ua5461vxm.structbio.pitt.edu
$$ /opt/topspin3.5pl7/data/Yang/nmr/N-CA-fl-13C-Ala/2/acqu2
$$ process /opt/topspin3.5pl7/prog/mod/edparproc
##$ACQT0= 0
##$BF1= 60.820778
##$FnMODE= 6
##$NUC1= <15N>
##$NusJSP= 0
##$NusT2= 1
##$NusTD= 0
##$O1= 7207.262193
##$ProjAngle= 0
##$SFO1= 60.827985262193
##$SW= 36
##$SW_h= 2189.80746943895
##$TD= 160
##END=
